GEM
  remote: https://rubygems.org/
  specs:
    mail (2.6.4)
      mime-types (>= 1.16, < 4)
    mime-types (3.0)
      mime-types-data (~> 3.2015)
    mime-types-data (3.2016.0221)
    mini_portile2 (2.0.0)
    nokogiri (1.6.7.2)
      mini_portile2 (~> 2.0.0.rc2)
    slack-notifier (1.5.1)

PLATFORMS
  ruby

DEPENDENCIES
  mail
  nokogiri
  slack-notifier

BUNDLED WITH
   1.11.2
